{
  "AcquisitionMatrixPE": 256,
  "AcquisitionNumber": 1,
  "AcquisitionTime": "13:13:18.665000",
  "BaseResolution": 256,
  "BodyPartExamined": "BRAIN",
  "CoilCombinationMethod": "n/a",
  "ConsistencyInfo": "N4_VE11C_LATEST_20160120",
  "ConversionSoftware": "dcm2niix",
  "ConversionSoftwareVersion": "v1.0.20180622 GCC4.9.2",
  "DeviceSerialNumber": "166078",
  "DwellTime": 1.03e-05,
  "EchoTime": 0.00227,
  "EffectiveEchoSpacing": 0.0005,
  "FlipAngle": 7,
  "GradientSetType": "n/a",
  "NonlinearGradientCorrection": false,
  "ImageOrientationPatientDICOM": [
    0.0348995,
    0.999391,
    7.92031e-09,
    0.0383644,
    -0.00133971,
    -0.999263
  ],
  "ImageType": [
    "ORIGINAL",
    "PRIMARY",
    "M",
    "ND",
    "NORM"
  ],
  "InPlanePhaseEncodingDirectionDICOM": "ROW",
  "InstitutionAddress": "Street_StreetNo_Bei_Jing_District_CN_ZIP",
  "InstitutionName": "BeiJing_Normal_University",
  "InstitutionalDepartmentName": "Department",
  "InversionTime": 1.1,
  "MRAcquisitionType": "3D",
  "MRTransmitCoilSequence": "n/a",
  "MTState": false,
  "MagneticFieldStrength": 3,
  "Manufacturer": "Siemens",
  "ManufacturersModelName": "Prisma",
  "MatrixCoilMode": "n/a",
  "MixingTime": 0,
  "Modality": "MR",
  "MultibandAccelerationFactor": 2,
  "NumberShots": 1,
  "ParallelAcquisitionTechnique": "n/a",
  "ParallelReductionFactorInPlane": 2,
  "ParallelReductionFactorOutOfPlane": 2,
  "PartialFourier": 1,
  "PartialFourierDirection": "n/a",
  "PatientPosition": "HFS",
  "PercentPhaseFOV": 100,
  "PhaseEncodingDirection": "j-",
  "PhaseEncodingSteps": 255,
  "PhaseResolution": 1,
  "PixelBandwidth": 190,
  "ProcedureStepDescription": "BNU_P2018_64CH_Zhen.ZongLei",
  "ProtocolName": "t1_mprage_sag_1x1x1_p2_64ch",
  "PulseSequenceDetails": "%SiemensSeq%_tfl",
  "PulseSequenceType": "n/a",
  "ReceiveCoilActiveElements": "HC1-7;NC1",
  "ReceiveCoilName": "HeadNeck_64",
  "ReconMatrixPE": 256,
  "RepetitionTime": 2.53,
  "SAR": 0.0381716,
  "ScanOptions": "IR",
  "ScanningSequence": "GR_IR",
  "SequenceName": "_tfl3d1_16ns",
  "SequenceVariant": "SK_SP_MP",
  "SeriesDescription": "t1_mprage_sag_1x1x1_p2_64ch",
  "SeriesNumber": 17,
  "ShimSetting": [
    -5450,
    -11506,
    -1285,
    183,
    4,
    -407,
    -118,
    17
  ],
  "SliceThickness": 1,
  "SoftwareVersions": "syngo_MR_E11",
  "SpoilingRFPhaseIncrement": 117,
  "SpoilingState": true,
  "SpoilingType": "RF",
  "StationName": "AWP166078",
  "TotalReadoutTime": 0.05,
  "TxRefAmp": 220.196,
  "dcmmeta_affine": [
    [
      0.9986541867256165,
      0.0348995178937912,
      0.03836441412568092,
      -113.46920776367188
    ],
    [
      -0.03487379103899002,
      0.9993908405303955,
      -0.0013397076399996877,
      -111.3167953491211
    ],
    [
      -0.03838779777288437,
      -7.920313294107473e-09,
      0.9992629289627075,
      -161.35581970214844
    ],
    [
      0.0,
      0.0,
      0.0,
      1.0
    ]
  ],
  "dcmmeta_reorient_transform": [
    [
      0.0,
      0.0,
      -1.0,
      255.0
    ],
    [
      0.0,
      -1.0,
      0.0,
      255.0
    ],
    [
      -1.0,
      0.0,
      0.0,
      207.0
    ],
    [
      0.0,
      0.0,
      0.0,
      1.0
    ]
  ],
  "dcmmeta_shape": [
    208,
    256,
    256
  ],
  "dcmmeta_slice_dim": 0,
  "dcmmeta_version": 0.6,
  "global": {
    "const": {
      "AcquisitionMatrix": [
        0,
        256,
        256,
        0
      ],
      "AcquisitionNumber": 1,
      "AcquisitionTime": "131318.665000",
      "AngioFlag": "N",
      "BitsAllocated": 16,
      "BitsStored": 12,
      "BodyPartExamined": "BRAIN",
      "Columns": 256,
      "EchoNumbers": 1,
      "EchoTime": 2.27,
      "EchoTrainLength": 1,
      "FlipAngle": 7.0,
      "HighBit": 11,
      "ImageOrientationPatient": [
        0.03489951625985,
        0.99939082633614,
        7.920313e-09,
        0.03836441417381,
        -0.0013397076964,
        -0.9992629168084
      ],
      "ImageType": [
        "ORIGINAL",
        "PRIMARY",
        "M",
        "ND",
        "NORM"
      ],
      "ImagedNucleus": "1H",
      "ImagingFrequency": 123.257762,
      "InPlanePhaseEncodingDirection": "ROW",
      "InversionTime": 1100.0,
      "MRAcquisitionType": "3D",
      "MagneticFieldStrength": 3.0,
      "Manufacturer": "SIEMENS",
      "ManufacturerModelName": "Prisma",
      "Modality": "MR",
      "NumberOfAverages": 1.0,
      "NumberOfPhaseEncodingSteps": 255,
      "PercentPhaseFieldOfView": 100.0,
      "PercentSampling": 100.0,
      "PerformedProcedureStepStartTime": "110239.207000",
      "PhotometricInterpretation": "MONOCHROME2",
      "PixelBandwidth": 190.0,
      "PixelRepresentation": 0,
      "PixelSpacing": [
        1.0,
        1.0
      ],
      "ProtocolName": "t1_mprage_sag_1x1x1_p2_64ch",
      "RepetitionTime": 2530.0,
      "Rows": 256,
      "SAR": 0.03817161584979,
      "SamplesPerPixel": 1,
      "ScanOptions": "IR",
      "ScanningSequence": [
        "GR",
        "IR"
      ],
      "SequenceName": "*tfl3d1_16ns",
      "SequenceVariant": [
        "SK",
        "SP",
        "MP"
      ],
      "SeriesDescription": "t1_mprage_sag_1x1x1_p2_64ch",
      "SeriesNumber": 17,
      "SeriesTime": "131936.426000",
      "SliceThickness": 1.0,
      "SmallestImagePixelValue": 0,
      "SoftwareVersions": "syngo MR E11",
      "SpecificCharacterSet": "ISO_IR 100",
      "StudyID": "1",
      "StudyTime": "110239.153000",
      "TransmitCoilName": "Body",
      "VariableFlipAngleFlag": "N",
      "WindowCenterWidthExplanation": "Algo1",
      "dBdt": 0.0
    },
